GEM
  remote: https://rubygems.org/
  specs:
    bson (4.2.1)
    chunky_png (1.3.8)
    diff-lcs (1.3)
    hiredis (0.6.1)
    mongo (2.4.1)
      bson (>= 4.2.1, < 5.0.0)
    rack (1.6.5)
    rack-protection (1.5.3)
      rack
    redis (3.3.3)
    rspec (3.5.0)
      rspec-core (~> 3.5.0)
      rspec-expectations (~> 3.5.0)
      rspec-mocks (~> 3.5.0)
    rspec-core (3.5.4)
      rspec-support (~> 3.5.0)
    rspec-expectations (3.5.0)
      diff-lcs (>= 1.2.0, < 2.0)
      rspec-support (~> 3.5.0)
    rspec-mocks (3.5.0)
      diff-lcs (>= 1.2.0, < 2.0)
      rspec-support (~> 3.5.0)
    rspec-support (3.5.0)
    sinatra (1.4.7)
      rack (~> 1.5)
      rack-protection (~> 1.4)
      tilt (>= 1.3, < 3)
    tilt (2.0.6)
    yard (0.9.8)

PLATFORMS
  ruby

DEPENDENCIES
  chunky_png
  hiredis (~> 0.6.0)
  mongo
  redis (>= 3.2.0)
  rspec
  sinatra
  yard

BUNDLED WITH
   1.14.3
